PATH
  remote: .
  specs:
    rack-defense (0.1.0)
      rack (~> 1.5, >= 1.5.2)
      redis (~> 3.1, >= 3.1.0)

GEM
  remote: https://rubygems.org/
  specs:
    minitest (5.4.2)
    rack (1.5.2)
    rack-test (0.6.2)
      rack (>= 1.0)
    rake (10.3.2)
    redis (3.1.0)
    timecop (0.7.1)

PLATFORMS
  ruby

DEPENDENCIES
  minitest (~> 5.4)
  rack-defense!
  rack-test (~> 0.6)
  rake (~> 10.3)
  timecop (~> 0.7)
