PATH
  remote: .
  specs:
    rack-defense (0.2.1)
      rack (~> 1.3)
      redis (~> 3)

GEM
  remote: https://rubygems.org/
  specs:
    minitest (5.5.0)
    rack (1.6.0)
    rack-test (0.6.2)
      rack (>= 1.0)
    rake (10.4.2)
    redis (3.2.0)
    timecop (0.7.1)

PLATFORMS
  ruby

DEPENDENCIES
  minitest (~> 5.4)
  rack-defense!
  rack-test (~> 0.6)
  rake (~> 10.3)
  timecop (~> 0.7)
